PATH
  remote: .
  specs:
    fluent-plugin-logtank-rethinkdb (0.1.1)
      fluentd
      rethinkdb (>= 2.0.0)

GEM
  remote: https://rubygems.org/
  specs:
    cool.io (1.3.0)
    docile (1.1.5)
    fluentd (0.12.8)
      cool.io (>= 1.2.2, < 2.0.0)
      http_parser.rb (>= 0.5.1, < 0.7.0)
      json (>= 1.4.3)
      msgpack (>= 0.5.11, < 0.6.0)
      sigdump (~> 0.2.2)
      string-scrub (>= 0.0.3)
      tzinfo (>= 1.0.0)
      tzinfo-data (>= 1.0.0)
      yajl-ruby (~> 1.0)
    http_parser.rb (0.6.0)
    json (1.8.2)
    minitest (4.7.5)
    msgpack (0.5.11)
    rake (10.4.2)
    rethinkdb (2.0.0.1)
      json
    sigdump (0.2.2)
    simplecov (0.10.0)
      docile (~> 1.1.0)
      json (~> 1.8)
      simplecov-html (~> 0.10.0)
    simplecov-html (0.10.0)
    string-scrub (0.0.5)
    thread_safe (0.3.5)
    tzinfo (1.2.2)
      thread_safe (~> 0.1)
    tzinfo-data (1.2015.3)
      tzinfo (>= 1.0.0)
    yajl-ruby (1.2.1)

PLATFORMS
  ruby

DEPENDENCIES
  fluent-plugin-logtank-rethinkdb!
  minitest (~> 4.7.3)
  rake (>= 0.9.2)
  simplecov
